GIT
  remote: git://github.com/edenspiekermann/compass-html5-boilerplate.git
  revision: e415a36afe3d5240a46d48d0c7529b92b54d09bf
  branch: padrino
  specs:
    html5-boilerplate (1.0.0)
      compass (>= 0.11.1)

GIT
  remote: https://github.com/middleman/middleman.git
  revision: 3d129b85238ddb14885b93a59a5f34c94fcd1cba
  specs:
    middleman-core (3.0.0.beta.3)
      activesupport (~> 3.2.0)
      bundler (~> 1.0)
      i18n (~> 0.6.0)
      listen (~> 0.4.1)
      padrino-helpers (~> 0.10.6)
      rack (~> 1.4.0)
      rack-test (~> 0.6.1)
      thin (~> 1.3.1)
      thor (~> 0.14.0)
      tilt (~> 1.3.1)
    middleman-more (3.0.0.beta.3)
      coffee-script (~> 2.2.0)
      compass (~> 0.12.1)
      execjs (~> 1.2)
      haml (~> 3.1.0)
      middleman-core (= 3.0.0.beta.3)
      redcarpet (~> 2.1.0)
      sass (>= 3.1.7)
      sprockets (~> 2.1)
      sprockets-sass (~> 0.8.0)
      uglifier (~> 1.2.0)

GEM
  remote: http://rubygems.org/
  specs:
    activesupport (3.2.3)
      i18n (~> 0.6)
      multi_json (~> 1.0)
    chunky_png (1.2.5)
    coffee-script (2.2.0)
      coffee-script-source
      execjs
    coffee-script-source (1.3.1)
    compass (0.12.1)
      chunky_png (~> 1.2)
      fssm (>= 0.2.7)
      sass (~> 3.1)
    daemons (1.1.8)
    eventmachine (0.12.10)
    execjs (1.3.1)
      multi_json (~> 1.0)
    ffi (1.0.11)
    fssm (0.2.9)
    haml (3.1.4)
    hike (1.2.1)
    http_router (0.10.2)
      rack (>= 1.0.0)
      url_mount (~> 0.2.1)
    i18n (0.6.0)
    listen (0.4.1)
      rb-fchange (~> 0.0.5)
      rb-fsevent (~> 0.9.1)
      rb-inotify (~> 0.8.8)
    multi_json (1.3.4)
    padrino-core (0.10.6)
      activesupport (~> 3.2.0)
      http_router (~> 0.10.2)
      sinatra (~> 1.3.1)
      thor (~> 0.14.3)
      tilt (~> 1.3.0)
    padrino-helpers (0.10.6)
      i18n (~> 0.6)
      padrino-core (= 0.10.6)
    rack (1.4.1)
    rack-protection (1.2.0)
      rack
    rack-test (0.6.1)
      rack (>= 1.0)
    rb-fchange (0.0.5)
      ffi
    rb-fsevent (0.9.1)
    rb-inotify (0.8.8)
      ffi (>= 0.5.0)
    redcarpet (2.1.1)
    sass (3.1.16)
    sinatra (1.3.2)
      rack (~> 1.3, >= 1.3.6)
      rack-protection (~> 1.2)
      tilt (~> 1.3, >= 1.3.3)
    sprockets (2.4.1)
      hike (~> 1.2)
      multi_json (~> 1.0)
      rack (~> 1.0)
      tilt (~> 1.1, != 1.3.0)
    sprockets-sass (0.8.0)
      sprockets (~> 2.0)
      tilt (~> 1.1)
    thin (1.3.1)
      daemons (>= 1.0.9)
      eventmachine (>= 0.12.6)
      rack (>= 1.0.0)
    thor (0.14.6)
    tilt (1.3.3)
    uglifier (1.2.4)
      execjs (>= 0.3.0)
      multi_json (>= 1.0.2)
    url_mount (0.2.1)
      rack

PLATFORMS
  ruby

DEPENDENCIES
  html5-boilerplate!
  middleman-core (~> 3.0.0.beta.3)!
  middleman-more (~> 3.0.0.beta.3)!
